GEM
  remote: https://rubygems.org/
  specs:
    capistrano (3.3.5)
      capistrano-stats (~> 1.1.0)
      i18n
      rake (>= 10.0.0)
      sshkit (~> 1.3)
    capistrano-npm (1.0.1)
      capistrano (>= 3.0.0)
    capistrano-stats (1.1.1)
    i18n (0.7.0)
    net-scp (1.2.1)
      net-ssh (>= 2.6.5)
    net-ssh (4.0.0)
    rake (12.0.0)
    sshkit (1.11.5)
      net-scp (>= 1.1.2)
      net-ssh (>= 2.8.0)

PLATFORMS
  ruby

DEPENDENCIES
  capistrano (= 3.3.5)
  capistrano-npm (= 1.0.1)

RUBY VERSION
   ruby 2.3.1p112

BUNDLED WITH
   1.12.5
